GEM
  remote: http://rubygems.org/
  specs:
    backports (1.18.2)
    coffee-script (2.1.1)
      coffee-script-source
    coffee-script-source (0.9.5)
    haml (3.0.24)
    json (1.4.6)
    monkey-lib (0.5.4)
      backports
    rack (1.2.1)
    sinatra (1.1.0)
      rack (~> 1.1)
      tilt (~> 1.1)
    sinatra-advanced-routes (0.5.1)
      monkey-lib (~> 0.5.0)
      sinatra (~> 1.0)
      sinatra-sugar (~> 0.5.0)
    sinatra-reloader (0.5.0)
      sinatra (~> 1.0)
      sinatra-advanced-routes (~> 0.5.0)
    sinatra-sugar (0.5.0)
      monkey-lib (~> 0.5.0)
      sinatra (~> 1.0)
    tilt (1.1)

PLATFORMS
  ruby

DEPENDENCIES
  coffee-script
  haml
  json
  sinatra (>= 1.0)
  sinatra-reloader
