GEM
  remote: http://rubygems.org/
  specs:
    backports (1.18.2)
    haml (3.0.25)
    monkey-lib (0.5.4)
      backports
    rack (1.2.1)
    sinatra (1.1.2)
      rack (~> 1.1)
      tilt (~> 1.2)
    sinatra-advanced-routes (0.5.1)
      monkey-lib (~> 0.5.0)
      sinatra (~> 1.0)
      sinatra-sugar (~> 0.5.0)
    sinatra-content-for (0.2)
      sinatra
    sinatra-reloader (0.5.0)
      sinatra (~> 1.0)
      sinatra-advanced-routes (~> 0.5.0)
    sinatra-sugar (0.5.0)
      monkey-lib (~> 0.5.0)
      sinatra (~> 1.0)
    tilt (1.2.1)

PLATFORMS
  ruby

DEPENDENCIES
  haml
  sinatra (>= 1.0)
  sinatra-content-for
  sinatra-reloader
